GEM
  remote: http://rubygems.org/
  specs:
    rack (1.3.5)
    rack-protection (1.1.4)
      rack
    sequel (3.30.0)
    sinatra (1.3.1)
      rack (~> 1.3, >= 1.3.4)
      rack-protection (~> 1.1, >= 1.1.2)
      tilt (~> 1.3, >= 1.3.3)
    sqlite3 (1.3.5)
    tilt (1.3.3)

PLATFORMS
  ruby

DEPENDENCIES
  rack
  sequel
  sinatra
  sqlite3
