GEM
  remote: http://rubygems.org/
  specs:
    pg (0.12.0)
      rake-compiler (~> 0.7)
    rack (1.3.5)
    rack-protection (1.1.4)
      rack
    rake (0.9.2.2)
    rake-compiler (0.7.9)
      rake
    sequel (3.30.0)
    sinatra (1.3.1)
      rack (~> 1.3, >= 1.3.4)
      rack-protection (~> 1.1, >= 1.1.2)
      tilt (~> 1.3, >= 1.3.3)
    tilt (1.3.3)

PLATFORMS
  ruby

DEPENDENCIES
  pg
  rack
  sequel
  sinatra
